GEM
  remote: https://rubygems.org/
  specs:
    byebug (8.2.5)
    chunky_png (1.3.7)

PLATFORMS
  ruby

DEPENDENCIES
  byebug
  chunky_png

BUNDLED WITH
   1.13.3
